PATH
  remote: .
  specs:
    service (0.0.1)
      version (~> 1.0)

GEM
  remote: http://rubygems.org/
  specs:
    coderay (1.0.8)
    github-markup (0.7.4)
    guard (1.5.4)
      listen (>= 0.4.2)
      lumberjack (>= 1.0.2)
      pry (>= 0.9.10)
      thor (>= 0.14.6)
    guard-yard (2.0.1)
      guard (>= 1.1.0)
      yard (>= 0.7.0)
    listen (0.6.0)
    lumberjack (1.0.2)
    method_source (0.8.1)
    pry (0.9.10)
      coderay (~> 1.0.5)
      method_source (~> 0.8)
      slop (~> 3.3.1)
    rake (10.0.3)
    rb-fsevent (0.9.2)
    redcarpet (2.2.2)
    slop (3.3.3)
    thor (0.16.0)
    version (1.0.0)
    yard (0.8.3)

PLATFORMS
  ruby

DEPENDENCIES
  github-markup (~> 0.7)
  guard-yard (~> 2.0)
  rake (~> 10.0)
  rb-fsevent (~> 0.9)
  redcarpet (~> 2.2.2)
  service!
